PATH
  remote: .
  specs:
    vk (0.0.1)
      faraday
      faraday_middleware
      faraday_middleware-multi_json
      hashie (>= 1.2.0)
      multi_json

GEM
  remote: http://rubygems.org/
  specs:
    addressable (2.3.5)
    crack (0.4.2)
      safe_yaml (~> 1.0.0)
    diff-lcs (1.2.5)
    faraday (0.17.0)
      multipart-post (>= 1.2, < 3)
    faraday_middleware (0.13.1)
      faraday (>= 0.7.4, < 1.0)
    faraday_middleware-multi_json (0.0.6)
      faraday_middleware
      multi_json
    hashie (3.6.0)
    multi_json (1.14.0)
    multipart-post (2.1.1)
    rake (10.1.1)
    rspec (2.14.1)
      rspec-core (~> 2.14.0)
      rspec-expectations (~> 2.14.0)
      rspec-mocks (~> 2.14.0)
    rspec-core (2.14.8)
    rspec-expectations (2.14.5)
      diff-lcs (>= 1.1.3, < 2.0)
    rspec-mocks (2.14.6)
    safe_yaml (1.0.1)
    vcr (2.8.0)
    webmock (1.6.2)
      addressable (>= 2.2.2)
      crack (>= 0.1.7)
    yard (0.9.20)

PLATFORMS
  ruby

DEPENDENCIES
  bundler
  rake
  rspec (~> 2.6)
  vcr
  vk!
  webmock (= 1.6.2)
  yard (>= 0.7.1)
